GEM
  remote: https://rubygems.org/
  specs:
    multi_json (1.12.0)
    rollbar (2.11.3)
      multi_json

PLATFORMS
  ruby

DEPENDENCIES
  rollbar

BUNDLED WITH
   1.11.2
