GEM
  remote: https://rubygems.org/
  specs:
    addressable (2.3.8)
    httpclient (2.8.2.2)
    json (1.8.3)
    mime-types (1.25.1)
    multi_json (1.12.0)
    rest-client (1.6.9)
      mime-types (~> 1.16)
    rollbar (2.11.3)
      multi_json
    unirest (1.1.2)
      addressable (~> 2.3.5)
      json (~> 1.8.1)
      rest-client (~> 1.6.7)

PLATFORMS
  ruby

DEPENDENCIES
  httpclient
  rollbar
  unirest

RUBY VERSION
   ruby 2.3.0p0

BUNDLED WITH
   1.12.5
