GEM
  remote: https://rubygems.org/
  specs:
    domain_name (0.5.20160310)
      unf (>= 0.0.5, < 1.0.0)
    faraday (0.9.2)
      multipart-post (>= 1.2, < 3)
    faraday-cookie_jar (0.0.6)
      faraday (>= 0.7.4)
      http-cookie (~> 1.0.0)
    faraday_middleware (0.10.0)
      faraday (>= 0.7.4, < 0.10)
    http-cookie (1.0.2)
      domain_name (~> 0.5)
    multi_json (1.12.0)
    multipart-post (2.0.0)
    power_assert (0.3.0)
    rollbar (2.11.3)
      multi_json
    sumologic (0.0.4)
      faraday (~> 0.9, >= 0.9)
      faraday-cookie_jar
      faraday_middleware (~> 0, >= 0)
      multi_json
      test-unit
    test-unit (3.1.8)
      power_assert
    unf (0.1.4)
      unf_ext
    unf_ext (0.0.7.2)

PLATFORMS
  ruby

DEPENDENCIES
  rollbar
  sumologic

BUNDLED WITH
   1.11.2
